GEM
  specs:
    greek_easter (0.1.1)

PLATFORMS
  x86_64-darwin-19

DEPENDENCIES
  greek_easter (~> 0.1.1)

BUNDLED WITH
   2.2.3
